GEM
  remote: https://rubygems.org/
  specs:
    bson (4.2.2)
    byebug (9.1.0)
    coderay (1.1.2)
    method_source (0.8.2)
    minitest (5.10.3)
    mongo (2.4.3)
      bson (>= 4.2.1, < 5.0.0)
    mustermann (1.0.1)
    pry (0.10.4)
      coderay (~> 1.1.0)
      method_source (~> 0.8.1)
      slop (~> 3.4)
    pry-byebug (3.5.0)
      byebug (~> 9.1)
      pry (~> 0.10)
    puma (3.10.0)
    rack (2.0.3)
    rack-protection (2.0.0)
      rack
    rack-test (0.7.0)
      rack (>= 1.0, < 3)
    rake (12.1.0)
    shotgun (0.9.2)
      rack (>= 1.0)
    sinatra (2.0.0)
      mustermann (~> 1.0)
      rack (~> 2.0)
      rack-protection (= 2.0.0)
      tilt (~> 2.0)
    slop (3.6.0)
    tilt (2.0.8)

PLATFORMS
  ruby

DEPENDENCIES
  minitest
  mongo
  pry-byebug
  puma
  rack
  rack-test
  rake
  shotgun
  sinatra

RUBY VERSION
   ruby 2.4.2p198

BUNDLED WITH
   1.15.4
