GEM
  remote: https://rubygems.org/
  specs:
    bson (4.2.1)
    byebug (9.0.6)
    coderay (1.1.1)
    json (2.1.0)
    method_source (0.8.2)
    mongo (2.4.2)
      bson (>= 4.2.1, < 5.0.0)
    mustermann (1.0.0)
    pry (0.10.4)
      coderay (~> 1.1.0)
      method_source (~> 0.8.1)
      slop (~> 3.4)
    pry-byebug (3.4.2)
      byebug (~> 9.0)
      pry (~> 0.10)
    puma (3.9.0)
    rack (2.0.3)
    rack-protection (2.0.0)
      rack
    shotgun (0.9.2)
      rack (>= 1.0)
    sinatra (2.0.0)
      mustermann (~> 1.0)
      rack (~> 2.0)
      rack-protection (= 2.0.0)
      tilt (~> 2.0)
    slop (3.6.0)
    tilt (2.0.7)

PLATFORMS
  ruby

DEPENDENCIES
  json
  mongo
  pry-byebug
  puma
  rack
  shotgun
  sinatra

RUBY VERSION
   ruby 2.3.4p301

BUNDLED WITH
   1.15.0
