GEM
  remote: https://rubygems.org/
  specs:
    bson (4.2.2)
    byebug (9.1.0)
    coderay (1.1.2)
    method_source (0.9.0)
    minitest (5.11.1)
    mongo (2.4.3)
      bson (>= 4.2.1, < 5.0.0)
    mustermann (1.0.2)
    nio4r (2.5.8)
    pry (0.11.3)
      coderay (~> 1.1.0)
      method_source (~> 0.9.0)
    pry-byebug (3.5.1)
      byebug (~> 9.1)
      pry (~> 0.10)
    puma (4.3.12)
      nio4r (~> 2.0)
    rack (2.1.4)
    rack-protection (2.0.2)
      rack
    rack-test (0.8.2)
      rack (>= 1.0, < 3)
    rake (12.3.3)
    shotgun (0.9.2)
      rack (>= 1.0)
    sinatra (2.0.2)
      mustermann (~> 1.0)
      rack (~> 2.0)
      rack-protection (= 2.0.2)
      tilt (~> 2.0)
    tilt (2.0.8)

PLATFORMS
  ruby

DEPENDENCIES
  minitest
  mongo
  pry-byebug
  puma
  rack
  rack-test
  rake
  shotgun
  sinatra

RUBY VERSION
   ruby 2.5.0p0

BUNDLED WITH
   1.16.1
